GIT
  remote: git://github.com/codylerum/awestruct.git
  revision: a9eb6c418a49eaa53ce4606a78f68d6f1bb75f6e
  branch: clearfly
  specs:
    awestruct (0.4.6)
      RedCloth (~> 4.2.9)
      bootstrap-sass (~> 2.0.1)
      coffee-script (~> 2.2.0)
      compass (~> 0.12.1)
      compass-960-plugin (~> 0.10.4)
      eventmachine (~> 1.0.0.beta.4)
      git (~> 1.2.5)
      haml (~> 3.1.4)
      hpricot (~> 0.8.6)
      json (~> 1.6.6)
      listen (~> 0.4.2)
      nokogiri (~> 1.5.2)
      org-ruby (~> 0.5.3)
      rdiscount (~> 1.6.8)
      rest-client (~> 1.6.7)
      sass (~> 3.1.15)
      thin (~> 1.3.1)

GEM
  remote: http://rubygems.org/
  specs:
    RedCloth (4.2.9-x86-mingw32)
    bootstrap-sass (2.0.4.0)
    chunky_png (1.2.5)
    coffee-script (2.2.0)
      coffee-script-source
      execjs
    coffee-script-source (1.3.3)
    compass (0.12.2)
      chunky_png (~> 1.2)
      fssm (>= 0.2.7)
      sass (~> 3.1)
    compass-960-plugin (0.10.4)
      compass (>= 0.10.0)
    daemons (1.1.8)
    eventmachine (1.0.0.rc.4-x86-mingw32)
    execjs (1.4.0)
      multi_json (~> 1.0)
    ffi (1.1.4-x86-mingw32)
    fssm (0.2.9)
    git (1.2.5)
    haml (3.1.6)
    hpricot (0.8.6)
    json (1.6.7)
    listen (0.4.7)
      rb-fchange (~> 0.0.5)
      rb-fsevent (~> 0.9.1)
      rb-inotify (~> 0.8.8)
    mime-types (1.19)
    multi_json (1.3.6)
    nokogiri (1.5.5-x86-mingw32)
    org-ruby (0.5.3)
      rubypants (>= 0.2.0)
    rack (1.4.1)
    rb-fchange (0.0.5)
      ffi
    rb-fsevent (0.9.1)
    rb-inotify (0.8.8)
      ffi (>= 0.5.0)
    rdiscount (1.6.8)
    rest-client (1.6.7)
      mime-types (>= 1.16)
    rubypants (0.2.0)
    sass (3.1.20)
    thin (1.3.1)
      daemons (>= 1.0.9)
      eventmachine (>= 0.12.6)
      rack (>= 1.0.0)

PLATFORMS
  x86-mingw32

DEPENDENCIES
  awestruct!
